GEM
  remote: http://rubygems.org/
  specs:
    addressable (2.7.0)
      public_suffix (>= 2.0.2, < 5.0)
    backports (3.15.0)
    builder (3.2.3)
    capybara (3.29.0)
      addressable
      mini_mime (>= 0.1.3)
      nokogiri (~> 1.8)
      rack (>= 1.6.0)
      rack-test (>= 0.6.3)
      regexp_parser (~> 1.5)
      xpath (~> 3.2)
    childprocess (3.0.0)
    concurrent-ruby (1.1.5)
    cucumber (3.1.2)
      builder (>= 2.1.2)
      cucumber-core (~> 3.2.0)
      cucumber-expressions (~> 6.0.1)
      cucumber-wire (~> 0.0.1)
      diff-lcs (~> 1.3)
      gherkin (~> 5.1.0)
      multi_json (>= 1.7.5, < 2.0)
      multi_test (>= 0.1.2)
    cucumber-core (3.2.1)
      backports (>= 3.8.0)
      cucumber-tag_expressions (~> 1.1.0)
      gherkin (~> 5.0)
    cucumber-expressions (6.0.1)
    cucumber-tag_expressions (1.1.1)
    cucumber-wire (0.0.1)
    diff-lcs (1.3)
    faker (2.7.0)
      i18n (>= 1.6, < 1.8)
    figaro (1.1.1)
      thor (~> 0.14)
    gherkin (5.1.0)
    gli (2.19.0)
    i18n (1.7.0)
      concurrent-ruby (~> 1.0)
    json2csv (0.0.4)
      gli (~> 2.11, >= 2.11.0)
      json_pure (~> 1.8.1)
      multi_json (~> 1.10.0)
      rake (~> 10.3, >= 10.3.2)
      terminal-table (~> 1.4, >= 1.4.5)
    json_pure (1.8.6)
    mini_mime (1.0.2)
    mini_portile2 (2.4.0)
    multi_json (1.10.1)
    multi_test (0.1.2)
    nokogiri (1.10.8)
      mini_portile2 (~> 2.4.0)
    nokogiri (1.10.8-x64-mingw32)
      mini_portile2 (~> 2.4.0)
    public_suffix (4.0.1)
    rack (2.0.7)
    rack-test (1.1.0)
      rack (>= 1.0, < 3)
    rake (10.5.0)
    regexp_parser (1.6.0)
    rubyzip (2.0.0)
    selenium-webdriver (3.142.6)
      childprocess (>= 0.5, < 4.0)
      rubyzip (>= 1.2.2)
    site_prism (3.4.1)
      addressable (~> 2.5)
      capybara (~> 3.3)
      site_prism-all_there (~> 0.3)
    site_prism-all_there (0.3)
    terminal-table (1.8.0)
      unicode-display_width (~> 1.1, >= 1.1.1)
    thor (0.20.3)
    unicode-display_width (1.6.1)
    webdrivers (4.1.3)
      nokogiri (~> 1.6)
      rubyzip (>= 1.3.0)
      selenium-webdriver (>= 3.0, < 4.0)
    xpath (3.2.0)
      nokogiri (~> 1.8)

PLATFORMS
  ruby
  x64-mingw32

DEPENDENCIES
  capybara
  cucumber
  faker
  figaro (~> 1.1, >= 1.1.1)
  json2csv (~> 0.0.4)
  selenium-webdriver
  site_prism
  webdrivers

BUNDLED WITH
   2.0.2
